PATH
  remote: .
  specs:
    rack_dav (0.4.1)
      ffi-xattr (~> 0.1)
      nokogiri (~> 1.5)
      rack (>= 1.4)

GEM
  remote: http://rubygems.org/
  specs:
    diff-lcs (1.2.5)
    ffi (1.9.25)
    ffi (1.9.25-java)
    ffi-xattr (0.1.2)
      ffi
    mini_portile2 (2.3.0)
    nokogiri (1.8.4)
      mini_portile2 (~> 2.3.0)
    nokogiri (1.8.4-java)
    rack (2.0.5)
    rake (0.9.6)
    rspec (2.99.0)
      rspec-core (~> 2.99.0)
      rspec-expectations (~> 2.99.0)
      rspec-mocks (~> 2.99.0)
    rspec-core (2.99.2)
    rspec-expectations (2.99.2)
      diff-lcs (>= 1.1.3, < 2.0)
    rspec-mocks (2.99.3)

PLATFORMS
  java
  ruby

DEPENDENCIES
  rack_dav!
  rake (~> 0.9)
  rspec (~> 2.11)

BUNDLED WITH
   1.16.3
